GEM
  remote: https://rubygems.org/
  specs:
    ansi (1.5.0)
    awesome_print (1.6.1)
    builder (3.2.2)
    calabash-android (0.5.12)
      awesome_print (~> 1.2)
      cucumber (~> 1.3.17)
      escape (~> 0.0.4)
      httpclient (>= 2.3.2, < 3.0)
      json (~> 1.8)
      retriable (>= 1.3.3.1, < 1.5)
      rubyzip (~> 1.1)
      slowhandcuke (~> 0.0.3)
    cucumber (1.3.20)
      builder (>= 2.1.2)
      diff-lcs (>= 1.1.3)
      gherkin (~> 2.12)
      multi_json (>= 1.7.5, < 2.0)
      multi_test (>= 0.1.2)
    diff-lcs (1.2.5)
    escape (0.0.4)
    gherkin (2.12.2)
      multi_json (~> 1.3)
    httparty (0.13.7)
      json (~> 1.8)
      multi_xml (>= 0.5.2)
    httpclient (2.6.0.1)
    json (1.8.3)
    m (1.4.0)
      method_source (>= 0.6.7)
      rake (>= 0.9.2.2)
    method_source (0.8.2)
    minitest (5.7.0)
    minitest-reporters (1.1.5)
      ansi
      builder
      minitest (>= 5.0)
      ruby-progressbar
    multi_json (1.11.2)
    multi_test (0.1.2)
    multi_xml (0.5.5)
    rake (10.4.2)
    retriable (1.4.1)
    ruby-progressbar (1.7.5)
    rubyzip (1.1.7)
    slowhandcuke (0.0.3)
      cucumber

PLATFORMS
  ruby

DEPENDENCIES
  calabash-android (~> 0.5.12)
  httparty (= 0.13.7)
  m (~> 1.4.0)
  minitest (= 5.7.0)
  minitest-reporters (= 1.1.5)
